PATH
  remote: .
  specs:
    witness (2.1.1)
      activesupport (>= 3.0.0)
      rack
      sigil (~> 1.0.2)

GEM
  remote: http://rubygems.org/
  specs:
    activesupport (3.0.3)
    diff-lcs (1.1.2)
    i18n (0.5.0)
    rack (1.2.1)
    rcov (0.9.9)
    rspec (2.1.0)
      rspec-core (~> 2.1.0)
      rspec-expectations (~> 2.1.0)
      rspec-mocks (~> 2.1.0)
    rspec-core (2.1.0)
    rspec-expectations (2.1.0)
      diff-lcs (~> 1.1.2)
    rspec-mocks (2.1.0)
    sigil (1.0.2)
      activesupport (>= 3.0.0)
      i18n

PLATFORMS
  ruby

DEPENDENCIES
  activesupport (>= 3.0.0)
  bundler (~> 1.0.0)
  rack
  rcov
  rspec (~> 2.1.0)
  sigil (~> 1.0.2)
  witness!
